GEM
  remote: http://rubygems.org/
  specs:
    RedCloth (4.2.8)
    builder (3.0.0)
    capybara (1.0.1)
      mime-types (>= 1.16)
      nokogiri (>= 1.3.3)
      rack (>= 1.0.0)
      rack-test (>= 0.5.4)
      selenium-webdriver (~> 2.0)
      xpath (~> 0.1.4)
    childprocess (0.2.2)
      ffi (~> 1.0.6)
    creole (0.4.2)
    diff-lcs (1.1.3)
    expression_parser (0.9.0)
    ffi (1.0.9)
    github-markup (0.5.3)
    haml (3.1.2)
    json_pure (1.5.3)
    mime-types (1.16)
    nokogiri (1.5.0)
    org-ruby (0.5.3)
      rubypants (>= 0.2.0)
    rack (1.3.2)
    rack-test (0.6.1)
      rack (>= 1.0)
    rdoc (3.6.1)
    redcarpet (1.17.2)
    rspec (2.6.0)
      rspec-core (~> 2.6.0)
      rspec-expectations (~> 2.6.0)
      rspec-mocks (~> 2.6.0)
    rspec-core (2.6.4)
    rspec-expectations (2.6.0)
      diff-lcs (~> 1.1.2)
    rspec-mocks (2.6.0)
    rubypants (0.2.0)
    rubyzip (0.9.4)
    selenium-webdriver (2.5.0)
      childprocess (>= 0.2.1)
      ffi (>= 1.0.7)
      json_pure
      rubyzip
    sinatra (1.2.6)
      rack (~> 1.1)
      tilt (< 2.0, >= 1.2.2)
    tilt (1.3.3)
    wikicloth (0.7.0)
      builder
      expression_parser
    xpath (0.1.4)
      nokogiri (~> 1.3)

PLATFORMS
  ruby

DEPENDENCIES
  RedCloth
  capybara
  creole
  github-markup
  haml
  org-ruby
  rdoc (= 3.6.1)
  redcarpet
  rspec
  sinatra
  wikicloth
